GEM
  remote: https://rubygems.org/
  specs:
    daemons (1.1.9)
    isaac (0.2.6)
    lobster (0.2.7)
      daemons (>= 1.1.4)
    rack (1.5.2)

PLATFORMS
  ruby

DEPENDENCIES
  isaac
  lobster
  rack
