GEM
  remote: https://rubygems.org/
  specs:
    cinch (2.1.0)
    json (1.8.1)
    thread_safe (0.3.4)
    tzinfo (1.2.2)
      thread_safe (~> 0.1)
    tzinfo-data (1.2014.8)
      tzinfo (>= 1.0.0)

PLATFORMS
  ruby

DEPENDENCIES
  cinch
  json
  tzinfo
  tzinfo-data
